PATH
  remote: .
  specs:
    cri (2.6.1)
      colored (~> 1.2)

GEM
  remote: https://rubygems.org/
  specs:
    asciidoctor (0.1.4)
    colored (1.2)
    coveralls (0.7.0)
      multi_json (~> 1.3)
      rest-client
      simplecov (>= 0.7)
      term-ansicolor
      thor
    docile (1.1.3)
    mime-types (2.3)
    minitest (5.3.4)
    multi_json (1.10.1)
    rake (10.3.2)
    rest-client (1.6.7)
      mime-types (>= 1.16)
    simplecov (0.8.2)
      docile (~> 1.1.0)
      multi_json
      simplecov-html (~> 0.8.0)
    simplecov-html (0.8.0)
    term-ansicolor (1.3.0)
      tins (~> 1.0)
    thor (0.19.1)
    tins (1.3.0)
    yard (0.8.7.4)

PLATFORMS
  ruby

DEPENDENCIES
  asciidoctor
  bundler (~> 1.6)
  coveralls
  cri!
  minitest
  rake
  yard
